GEM
  remote: https://rubygems.org/
  specs:
    ast (2.4.0)
    childprocess (1.0.1)
      rake (< 13.0)
    jaro_winkler (1.5.3)
    parallel (1.17.0)
    parser (2.6.3.0)
      ast (~> 2.4.0)
    rainbow (3.0.0)
    rake (12.3.3)
    rubocop (0.74.0)
      jaro_winkler (~> 1.5.1)
      parallel (~> 1.10)
      parser (>= 2.6)
      rainbow (>= 2.2.2, < 4.0)
      ruby-progressbar (~> 1.7)
      unicode-display_width (>= 1.4.0, < 1.7)
    ruby-progressbar (1.10.1)
    rubyzip (1.2.3)
    selenium-webdriver (3.142.3)
      childprocess (>= 0.5, < 2.0)
      rubyzip (~> 1.2, >= 1.2.2)
    slack-notifier (2.3.2)
    unicode-display_width (1.6.0)

PLATFORMS
  ruby

DEPENDENCIES
  rubocop (~> 0.74.0)
  selenium-webdriver
  slack-notifier

BUNDLED WITH
   2.0.2
